PATH
  remote: .
  specs:
    web-pusher (0.0.1)

GEM
  remote: https://rubygems.org/
  specs:
    backports (3.3.0)
    daemons (1.1.9)
    daybreak (0.3.0)
    domain_name (0.5.11)
      unf (>= 0.0.5, < 1.0.0)
    eventmachine (1.0.3)
    logger (1.2.8)
    macaddr (1.6.1)
      systemu (~> 2.5.0)
    mechanize (2.6.0)
      domain_name (~> 0.5, >= 0.5.1)
      mime-types (~> 1.17, >= 1.17.2)
      net-http-digest_auth (~> 1.1, >= 1.1.1)
      net-http-persistent (~> 2.5, >= 2.5.2)
      nokogiri (~> 1.8.2)
      ntlm-http (~> 0.1, >= 0.1.1)
      webrobots (>= 0.0.9, < 0.2)
    mime-types (1.22)
    multi_json (1.7.2)
    net-http-digest_auth (1.3)
    net-http-persistent (2.8)
    nokogiri (1.8.2)
    ntlm-http (0.1.1)
    rack (1.6.11)
    rack-protection (1.5.0)
      rack
    rack-test (0.6.2)
      rack (>= 1.0)
    rake (10.0.4)
    sinatra (1.4.2)
      rack (~> 1.5, >= 1.5.2)
      rack-protection (~> 1.4)
      tilt (~> 1.3, >= 1.3.4)
    sinatra-contrib (1.4.0)
      backports (>= 2.0)
      eventmachine
      rack-protection
      rack-test
      sinatra (~> 1.4.2)
      tilt (~> 1.3)
    systemu (2.5.2)
    thin (1.5.1)
      daemons (>= 1.0.9)
      eventmachine (>= 0.12.6)
      rack (>= 1.0.0)
    tilt (1.3.7)
    unf (0.1.1)
      unf_ext
    unf_ext (0.0.6)
    uuid (2.3.7)
      macaddr (~> 1.0)
    webrobots (0.1.1)

PLATFORMS
  ruby

DEPENDENCIES
  bundler
  daybreak
  logger
  mechanize
  multi_json
  rake
  sinatra
  sinatra-contrib
  thin
  uuid
  web-pusher!
